GEM
  remote: http://rubygems.org/
  specs:
    backports (2.5.3)
    emk-sinatra-url-for (0.2.1)
      sinatra (>= 0.9.1.1)
    eventmachine (0.12.10)
    haml (3.1.5)
    httparty (0.8.3)
      multi_json (~> 1.0)
      multi_xml
    json_pure (1.7.1)
    multi_json (1.3.4)
    multi_xml (0.4.4)
    rack (1.4.1)
    rack-protection (1.2.0)
      rack
    rack-test (0.6.1)
      rack (>= 1.0)
    sinatra (1.3.2)
      rack (~> 1.3, >= 1.3.6)
      rack-protection (~> 1.2)
      tilt (~> 1.3, >= 1.3.3)
    sinatra-contrib (1.3.1)
      backports (>= 2.0)
      eventmachine
      rack-protection
      rack-test
      sinatra (~> 1.3.0)
      tilt (~> 1.3)
    sinatra-jsonp (0.3.2)
      json_pure (~> 1.4)
      sinatra (~> 1.0)
    tilt (1.3.3)

PLATFORMS
  ruby

DEPENDENCIES
  emk-sinatra-url-for
  haml
  httparty
  rack
  sinatra
  sinatra-contrib
  sinatra-jsonp
